PATH
  remote: .
  specs:
    pico_progressbar (0.0.0)

GEM
  remote: https://rubygems.org/
  specs:
    minitest (5.20.0)
    rake (13.0.6)

PLATFORMS
  universal-darwin-22

DEPENDENCIES
  minitest (>= 5.20.0)
  pico_progressbar!
  rake (>= 13.0.6)

BUNDLED WITH
   2.2.25
